GEM
  remote: https://rubygems.org/
  specs:
    csv (1.0.0)
    json (2.1.0)
    mini_portile2 (2.3.0)
    nokogiri (1.8.1)
      mini_portile2 (~> 2.3.0)

PLATFORMS
  ruby

DEPENDENCIES
  csv
  json
  nokogiri

BUNDLED WITH
   1.16.1
